GEM
  remote: https://rubygems.org/
  specs:
    highline (2.0.3)
    rack (2.2.3)

PLATFORMS
  x86_64-linux

DEPENDENCIES
  highline (~> 2.0.3)
  rack (~> 2.2.3)

BUNDLED WITH
   2.2.11
