GEM
  remote: https://rubygems.org/
  specs:
    rack (2.2.3)

PLATFORMS
  x86_64-linux

DEPENDENCIES
  rack (~> 2.2.3)

BUNDLED WITH
   2.2.11
